PATH
  remote: .
  specs:
    sunspot-query (1.0.0.alpha.1)

GEM
  specs:
    ZenTest (4.5.0)
    diff-lcs (1.1.2)
    rspec (2.5.0)
      rspec-core (~> 2.5.0)
      rspec-expectations (~> 2.5.0)
      rspec-mocks (~> 2.5.0)
    rspec-core (2.5.1)
    rspec-expectations (2.5.0)
      diff-lcs (~> 1.1.2)
    rspec-mocks (2.5.0)

PLATFORMS
  ruby

DEPENDENCIES
  ZenTest
  rspec (~> 2.0)
  sunspot-query!
